PATH
  remote: .
  specs:
    jruby-hornetq (0.4.0)
      gene_pool (~> 1.3.0)

GEM
  remote: http://rubygems.org/
  specs:
    gene_pool (1.3.0)

PLATFORMS
  java
  ruby

DEPENDENCIES
  jruby-hornetq!
