PATH
  remote: .
  specs:
    jruby-hornetq (0.5.0.alpha)
      gene_pool (~> 1.3.0)

GEM
  remote: https://rubygems.org/
  specs:
    activesupport (4.0.0)
      i18n (~> 0.6, >= 0.6.4)
      minitest (~> 4.2)
      multi_json (~> 1.3)
      thread_safe (~> 0.1)
      tzinfo (~> 0.3.37)
    atomic (1.1.13-java)
    awesome_print (1.1.0)
    gene_pool (1.3.0)
    i18n (0.6.5)
    minitest (4.7.5)
    multi_json (1.8.0)
    shoulda (3.1.1)
      shoulda-context (~> 1.0)
      shoulda-matchers (~> 1.2)
    shoulda-context (1.0.0)
    shoulda-matchers (1.2.0)
      activesupport (>= 3.0.0)
    thread_safe (0.1.2-java)
      atomic
    tzinfo (0.3.37)

PLATFORMS
  java
  ruby

DEPENDENCIES
  awesome_print
  jruby-hornetq!
  shoulda
